GEM
  specs:
    trollop (2.1.2)

PLATFORMS
  ruby

DEPENDENCIES
  trollop
